GEM
  remote: https://rubygems.org/
  specs:
    actionmailer (4.2.7)
      actionpack (= 4.2.7)
      actionview (= 4.2.7)
      activejob (= 4.2.7)
      mail (~> 2.5, >= 2.5.4)
      rails-dom-testing (~> 1.0, >= 1.0.5)
    actionpack (4.2.7)
      actionview (= 4.2.7)
      activesupport (= 4.2.7)
      rack (~> 1.6)
      rack-test (~> 0.6.2)
      rails-dom-testing (~> 1.0, >= 1.0.5)
      rails-html-sanitizer (~> 1.0, >= 1.0.2)
    actionview (4.2.7)
      activesupport (= 4.2.7)
      builder (~> 3.1)
      erubis (~> 2.7.0)
      rails-dom-testing (~> 1.0, >= 1.0.5)
      rails-html-sanitizer (~> 1.0, >= 1.0.2)
    activejob (4.2.7)
      activesupport (= 4.2.7)
      globalid (>= 0.3.0)
    activemodel (4.2.7)
      activesupport (= 4.2.7)
      builder (~> 3.1)
    activerecord (4.2.7)
      activemodel (= 4.2.7)
      activesupport (= 4.2.7)
      arel (~> 6.0)
    activeresource (4.1.0)
      activemodel (~> 4.0)
      activesupport (~> 4.0)
      rails-observers (~> 0.1.2)
    activesupport (4.2.7)
      i18n (~> 0.7)
      json (~> 1.7, >= 1.7.7)
      minitest (~> 5.1)
      thread_safe (~> 0.3, >= 0.3.4)
      tzinfo (~> 1.1)
    arel (6.0.3)
    bcrypt (3.1.11)
    bson (4.1.1)
    builder (3.2.2)
    concurrent-ruby (1.0.2)
    drg_blog_news_forum (0.5.5.2)
      drg_cms
      rails
    drg_books (0.5.3.1)
      drg_cms
    drg_cms (0.5.10)
      bcrypt
      bson
      font-awesome-rails
      jquery-rails
      jquery-ui-rails
      kaminari
      mongoid
      rails
      sort_alphabetical
    drg_default_html_editor (0.5.0)
      drg_cms
      el_finder
      rails
    el_finder (1.1.13)
      image_size (>= 1.0.0)
    erubis (2.7.0)
    execjs (2.7.0)
    font-awesome-rails (4.6.3.1)
      railties (>= 3.2, < 5.1)
    foundation-rails (5.5.3.2)
      railties (>= 3.1.0)
      sass (>= 3.3.0, < 3.5)
    globalid (0.3.7)
      activesupport (>= 4.1.0)
    i18n (0.7.0)
    image_size (1.4.2)
    jquery-rails (4.1.1)
      rails-dom-testing (>= 1, < 3)
      railties (>= 4.2.0)
      thor (>= 0.14, < 2.0)
    jquery-ui-rails (5.0.5)
      railties (>= 3.2.16)
    json (1.8.3)
    kaminari (0.17.0)
      actionpack (>= 3.0.0)
      activesupport (>= 3.0.0)
    loofah (2.0.3)
      nokogiri (>= 1.5.9)
    mail (2.6.4)
      mime-types (>= 1.16, < 4)
    mime-types (3.1)
      mime-types-data (~> 3.2015)
    mime-types-data (3.2016.0521)
    mini_portile2 (2.1.0)
    minitest (5.9.0)
    mongo (2.2.7)
      bson (~> 4.0)
    mongo_session_store-rails4 (6.0.0)
      actionpack (>= 3.1)
    mongoid (5.1.3)
      activemodel (~> 4.0)
      mongo (~> 2.1)
      origin (~> 2.2)
      tzinfo (>= 0.3.37)
    nokogiri (1.6.8)
      mini_portile2 (~> 2.1.0)
      pkg-config (~> 1.1.7)
    non-stupid-digest-assets (1.0.8)
      sprockets (>= 2.0)
    origin (2.2.0)
    pkg-config (1.1.7)
    puma (3.6.0)
    rack (1.6.4)
    rack-test (0.6.3)
      rack (>= 1.0)
    rails (4.2.7)
      actionmailer (= 4.2.7)
      actionpack (= 4.2.7)
      actionview (= 4.2.7)
      activejob (= 4.2.7)
      activemodel (= 4.2.7)
      activerecord (= 4.2.7)
      activesupport (= 4.2.7)
      bundler (>= 1.3.0, < 2.0)
      railties (= 4.2.7)
      sprockets-rails
    rails-deprecated_sanitizer (1.0.3)
      activesupport (>= 4.2.0.alpha)
    rails-dom-testing (1.0.7)
      activesupport (>= 4.2.0.beta, < 5.0)
      nokogiri (~> 1.6.0)
      rails-deprecated_sanitizer (>= 1.0.1)
    rails-html-sanitizer (1.0.3)
      loofah (~> 2.0)
    rails-observers (0.1.2)
      activemodel (~> 4.0)
    rails_12factor (0.0.3)
      rails_serve_static_assets
      rails_stdout_logging
    rails_serve_static_assets (0.0.5)
    rails_stdout_logging (0.0.5)
    railties (4.2.7)
      actionpack (= 4.2.7)
      activesupport (= 4.2.7)
      rake (>= 0.8.7)
      thor (>= 0.18.1, < 2.0)
    rake (11.2.2)
    sass (3.4.22)
    sort_alphabetical (1.0.2)
      unicode_utils (>= 1.2.2)
    sprockets (3.7.0)
      concurrent-ruby (~> 1.0)
      rack (> 1, < 3)
    sprockets-rails (3.1.1)
      actionpack (>= 4.0)
      activesupport (>= 4.0)
      sprockets (>= 3.0.0)
    thor (0.19.1)
    thread_safe (0.3.5)
    tzinfo (1.2.2)
      thread_safe (~> 0.1)
    uglifier (3.0.1)
      execjs (>= 0.3.0, < 3)
    unicode_utils (1.4.0)

PLATFORMS
  ruby

DEPENDENCIES
  activeresource
  bcrypt
  drg_blog_news_forum
  drg_books
  drg_cms
  drg_default_html_editor
  font-awesome-rails
  foundation-rails (~> 5)
  jquery-rails
  jquery-ui-rails
  kaminari
  mongo_session_store-rails4
  mongoid (~> 5)
  non-stupid-digest-assets
  puma
  rails (~> 4)
  rails_12factor
  sprockets-rails
  uglifier
  unicode_utils

BUNDLED WITH
   1.12.3
